GEM
  remote: https://rubygems.org/
  specs:
    aws-sdk (2.2.32)
      aws-sdk-resources (= 2.2.32)
    aws-sdk-core (2.2.32)
      jmespath (~> 1.0)
    aws-sdk-resources (2.2.32)
      aws-sdk-core (= 2.2.32)
    backports (3.6.8)
    jmespath (1.2.4)
      json_pure (>= 1.8.1)
    json_pure (1.8.3)
    multi_json (1.11.2)
    rack (1.6.4)
    rack-protection (1.5.3)
      rack
    rack-test (0.6.3)
      rack (>= 1.0)
    shotgun (0.9.1)
      rack (>= 1.0)
    sinatra (1.4.7)
      rack (~> 1.5)
      rack-protection (~> 1.4)
      tilt (>= 1.3, < 3)
    sinatra-contrib (1.4.6)
      backports (>= 2.0)
      multi_json
      rack-protection
      rack-test
      sinatra (~> 1.4.0)
      tilt (>= 1.3, < 3)
    tilt (2.0.2)

PLATFORMS
  ruby

DEPENDENCIES
  aws-sdk
  shotgun
  sinatra
  sinatra-contrib

BUNDLED WITH
   1.10.6
